GIT
  remote: git@gitlab.yoomee.com:yoomee/ym_assets.git
  revision: 373e4ce512e2a462c3f34c3893d6dac8ed4aa5d6
  specs:
    ym_assets (0.0.1)

GIT
  remote: git@gitlab.yoomee.com:yoomee/ym_core.git
  revision: ed11dd4bf47665938825d509548b8761ab27af99
  branch: rails-4
  specs:
    ym_core (1.1.10)
      bootstrap-sass (~> 3.0)
      bootstrap-will_paginate (~> 0.0.6)
      dragonfly (~> 0.9.10)
      formtastic (~> 2.3.0.rc3)
      formtastic-bootstrap (~> 3.0)
      haml-rails
      html_truncator (~> 0.2)
      jquery-rails
      jquery-ui-rails
      rack-cache
      rails (~> 4.1.0)
      rails_config (~> 0.2.6)
      randumb
      rinku
      sass-rails (>= 4.0.3)
      will_paginate (~> 3.0.3)

GIT
  remote: git@gitlab.yoomee.com:yoomee/ym_posts.git
  revision: 41568bbc65b6216f814204e1a7d4704f0b3eb0c1
  branch: rails-4
  specs:
    ym_posts (1.0.6)
      jquery-rails
      remotipart (~> 1.0)
      ym_core (~> 1.0)
      ym_notifications (~> 1.0)
      ym_tags (~> 1.0)
      ym_users (~> 1.0)
      ym_videos (~> 2.0)

GIT
  remote: git@gitlab.yoomee.com:yoomee/ym_tags.git
  revision: 5ec7c5afcbdc71496ea98b1ef7a0bbe59ecab813
  branch: rails-4
  specs:
    ym_tags (1.0.4)
      acts-as-taggable-on (~> 3.0)
      rails3-jquery-autocomplete
      ym_core (~> 1.0)

GIT
  remote: git@gitlab.yoomee.com:yoomee/ym_users.git
  revision: fc3583c9585398a43674fde07c94ac398df2b872
  branch: rails-4
  specs:
    ym_users (1.1.1)
      cancancan (~> 1.8)
      devise (~> 3.0)
      rails (~> 4.0)
      ym_core

GIT
  remote: git@gitlab.yoomee.com:yoomee/ym_videos.git
  revision: ebfea0944a6e7c3585123733f3151f9497cc1832
  branch: rails-4
  specs:
    ym_videos (2.0.0)
      rails (~> 4.0)
      video_info (~> 0.4.0)

PATH
  remote: .
  specs:
    pig (0.0.1)
      acts-as-taggable-on (~> 3.2)
      cocoon
      dragonfly (~> 0.9.10)
      formtastic-bootstrap (~> 3.0)
      geocoder
      public_suffix
      rails (~> 4.0)
      stringex (~> 1.3.2)
      ym_activity
      ym_users (~> 1.1.1)

GEM
  remote: https://yoomee:wLjuGMTu30AvxVyIrq3datc73LVUkvo@gems.yoomee.com/
  remote: https://rubygems.org/
  specs:
    actionmailer (4.1.10)
      actionpack (= 4.1.10)
      actionview (= 4.1.10)
      mail (~> 2.5, >= 2.5.4)
    actionpack (4.1.10)
      actionview (= 4.1.10)
      activesupport (= 4.1.10)
      rack (~> 1.5.2)
      rack-test (~> 0.6.2)
    actionview (4.1.10)
      activesupport (= 4.1.10)
      builder (~> 3.1)
      erubis (~> 2.7.0)
    activemodel (4.1.10)
      activesupport (= 4.1.10)
      builder (~> 3.1)
    activerecord (4.1.10)
      activemodel (= 4.1.10)
      activesupport (= 4.1.10)
      arel (~> 5.0.0)
    activesupport (4.1.10)
      i18n (~> 0.6, >= 0.6.9)
      json (~> 1.7, >= 1.7.7)
      minitest (~> 5.1)
      thread_safe (~> 0.1)
      tzinfo (~> 1.1)
    acts-as-taggable-on (3.5.0)
      activerecord (>= 3.2, < 5)
    arel (5.0.1.20140414130214)
    autoprefixer-rails (5.2.0)
      execjs
      json
    bcrypt (3.1.10)
    bootstrap-sass (3.3.4.1)
      autoprefixer-rails (>= 5.0.0.1)
      sass (>= 3.2.19)
    bootstrap-will_paginate (0.0.10)
      will_paginate
    builder (3.2.2)
    cancancan (1.10.1)
    cocoon (1.2.6)
    devise (3.5.1)
      bcrypt (~> 3.0)
      orm_adapter (~> 0.1)
      railties (>= 3.2.6, < 5)
      responders
      thread_safe (~> 0.1)
      warden (~> 1.2.3)
    diff-lcs (1.2.5)
    dragonfly (0.9.15)
      multi_json (~> 1.0)
      rack
    erubis (2.7.0)
    execjs (2.5.2)
    factory_girl (4.5.0)
      activesupport (>= 3.0.0)
    factory_girl_rails (4.5.0)
      factory_girl (~> 4.5.0)
      railties (>= 3.0.0)
    formtastic (2.3.1)
      actionpack (>= 3.0)
    formtastic-bootstrap (3.0.0)
      formtastic (>= 2.2)
    geocoder (1.2.8)
    haml (4.0.6)
      tilt
    haml-rails (0.9.0)
      actionpack (>= 4.0.1)
      activesupport (>= 4.0.1)
      haml (>= 4.0.6, < 5.0)
      html2haml (>= 1.0.1)
      railties (>= 4.0.1)
    hpricot (0.8.6)
    html2haml (2.0.0)
      erubis (~> 2.7.0)
      haml (~> 4.0.0)
      nokogiri (~> 1.6.0)
      ruby_parser (~> 3.5)
    html_truncator (0.4.1)
      nokogiri (~> 1.5)
    i18n (0.7.0)
    jquery-rails (3.1.2)
      railties (>= 3.0, < 5.0)
      thor (>= 0.14, < 2.0)
    jquery-ui-rails (5.0.5)
      railties (>= 3.2.16)
    json (1.8.2)
    mail (2.6.3)
      mime-types (>= 1.16, < 3)
    mime-types (2.6.1)
    mini_portile (0.6.2)
    minitest (5.6.1)
    multi_json (1.11.0)
    nokogiri (1.6.6.2)
      mini_portile (~> 0.6.0)
    orm_adapter (0.5.0)
    public_suffix (1.5.1)
    rack (1.5.3)
    rack-cache (1.2)
      rack (>= 0.4)
    rack-test (0.6.3)
      rack (>= 1.0)
    rails (4.1.10)
      actionmailer (= 4.1.10)
      actionpack (= 4.1.10)
      actionview (= 4.1.10)
      activemodel (= 4.1.10)
      activerecord (= 4.1.10)
      activesupport (= 4.1.10)
      bundler (>= 1.3.0, < 2.0)
      railties (= 4.1.10)
      sprockets-rails (~> 2.0)
    rails3-jquery-autocomplete (1.0.15)
      rails (>= 3.2)
    rails_config (0.2.7)
      activesupport (>= 3.0)
    railties (4.1.10)
      actionpack (= 4.1.10)
      activesupport (= 4.1.10)
      rake (>= 0.8.7)
      thor (>= 0.18.1, < 2.0)
    rake (10.4.2)
    randumb (0.5.0)
      activerecord (>= 3.0.0)
      activesupport (>= 3.0.0)
      rake
    remotipart (1.2.1)
    responders (1.1.2)
      railties (>= 3.2, < 4.2)
    rinku (1.7.3)
    rspec-core (3.2.3)
      rspec-support (~> 3.2.0)
    rspec-expectations (3.2.1)
      diff-lcs (>= 1.2.0, < 2.0)
      rspec-support (~> 3.2.0)
    rspec-mocks (3.2.1)
      diff-lcs (>= 1.2.0, < 2.0)
      rspec-support (~> 3.2.0)
    rspec-rails (3.2.1)
      actionpack (>= 3.0, < 4.3)
      activesupport (>= 3.0, < 4.3)
      railties (>= 3.0, < 4.3)
      rspec-core (~> 3.2.0)
      rspec-expectations (~> 3.2.0)
      rspec-mocks (~> 3.2.0)
      rspec-support (~> 3.2.0)
    rspec-support (3.2.2)
    ruby_parser (3.6.6)
      sexp_processor (~> 4.1)
    sass (3.4.14)
    sass-rails (5.0.3)
      railties (>= 4.0.0, < 5.0)
      sass (~> 3.1)
      sprockets (>= 2.8, < 4.0)
      sprockets-rails (>= 2.0, < 4.0)
      tilt (~> 1.1)
    sexp_processor (4.5.1)
    sprockets (3.1.0)
      rack (~> 1.0)
    sprockets-rails (2.3.1)
      actionpack (>= 3.0)
      activesupport (>= 3.0)
      sprockets (>= 2.8, < 4.0)
    sqlite3 (1.3.10)
    stringex (1.3.3)
    thor (0.19.1)
    thread_safe (0.3.5)
    tilt (1.4.1)
    tzinfo (1.2.2)
      thread_safe (~> 0.1)
    video_info (0.4.0)
      hpricot (~> 0.8.4)
    warden (1.2.3)
      rack (>= 1.0)
    will_paginate (3.0.7)
    ym_activity (1.0.0)
      ym_core (~> 1.0)
      ym_users (~> 1.0)
    ym_notifications (1.0.14)
      ym_core (~> 1.0)
      ym_users (~> 1.0)

PLATFORMS
  ruby

DEPENDENCIES
  factory_girl_rails
  pig!
  rspec-rails
  sqlite3
  ym_assets!
  ym_core!
  ym_posts!
  ym_tags!
  ym_users!
  ym_videos!
